PATH
  remote: .
  specs:
    meetup-cli (1.1.0)
      colorize (~> 0.8)
      gli (~> 2.14)
      rMeetup (~> 2.1)

GEM
  remote: https://rubygems.org/
  specs:
    addressable (2.5.2)
      public_suffix (>= 2.0.2, < 4.0)
    buftok (0.2.0)
    colorize (0.8.1)
    domain_name (0.5.20170404)
      unf (>= 0.0.5, < 1.0.0)
    gli (2.17.0)
    http (0.9.9)
      addressable (~> 2.3)
      http-cookie (~> 1.0)
      http-form_data (~> 1.0.1)
      http_parser.rb (~> 0.6.0)
    http-cookie (1.0.3)
      domain_name (~> 0.5)
    http-form_data (1.0.3)
    http_parser.rb (0.6.0)
    json (1.8.6)
    public_suffix (3.0.0)
    rMeetup (2.1.0)
      buftok (~> 0.2)
      http (~> 0.7)
      http_parser.rb (~> 0.6)
      json (~> 1.8)
    unf (0.1.4)
      unf_ext
    unf_ext (0.0.7.4)

PLATFORMS
  ruby

DEPENDENCIES
  meetup-cli!

BUNDLED WITH
   1.15.4
